PATH
  remote: .
  specs:
    solidus (1.2.0.alpha)
      solidus_api (= 1.2.0.alpha)
      solidus_backend (= 1.2.0.alpha)
      solidus_core (= 1.2.0.alpha)
      solidus_frontend (= 1.2.0.alpha)
      solidus_sample (= 1.2.0.alpha)
    solidus_api (1.2.0.alpha)
      rabl (>= 0.9.4.pre1, < 0.12.0)
      solidus_core (= 1.2.0.alpha)
      versioncake (~> 2.3.1)
    solidus_backend (1.2.0.alpha)
      bourbon
      handlebars_assets
      jquery-rails
      jquery-ui-rails (~> 5.0.0)
      select2-rails (= 3.5.9.1)
      solidus_api (= 1.2.0.alpha)
      solidus_core (= 1.2.0.alpha)
    solidus_core (1.2.0.alpha)
      activemerchant (~> 1.48.0)
      acts_as_list (~> 0.3)
      awesome_nested_set (~> 3.0.1)
      cancancan (~> 1.10)
      carmen (~> 1.0.0)
      ffaker (~> 1.16)
      font-awesome-rails (~> 4.0)
      friendly_id (~> 5.0)
      highline (~> 1.6.18)
      json (~> 1.7)
      kaminari (~> 0.15, >= 0.15.1)
      monetize (~> 1.1)
      paperclip (~> 4.2.0)
      paranoia (~> 2.1.0)
      premailer-rails
      rails (~> 4.2.0)
      ransack (~> 1.6.0)
      responders
      sprockets-rails (~> 2.0)
      state_machines-activerecord (~> 0.2)
      stringex (~> 1.5.1)
      truncate_html (= 0.9.2)
      twitter_cldr (~> 3.0)
    solidus_frontend (1.2.0.alpha)
      canonical-rails (~> 0.0.4)
      jquery-rails
      solidus_api (= 1.2.0.alpha)
      solidus_core (= 1.2.0.alpha)
    solidus_sample (1.2.0.alpha)
      solidus_core (= 1.2.0.alpha)

GEM
  remote: https://rubygems.org/
  specs:
    actionmailer (4.2.5)
      actionpack (= 4.2.5)
      actionview (= 4.2.5)
      activejob (= 4.2.5)
      mail (~> 2.5, >= 2.5.4)
      rails-dom-testing (~> 1.0, >= 1.0.5)
    actionpack (4.2.5)
      actionview (= 4.2.5)
      activesupport (= 4.2.5)
      rack (~> 1.6)
      rack-test (~> 0.6.2)
      rails-dom-testing (~> 1.0, >= 1.0.5)
      rails-html-sanitizer (~> 1.0, >= 1.0.2)
    actionview (4.2.5)
      activesupport (= 4.2.5)
      builder (~> 3.1)
      erubis (~> 2.7.0)
      rails-dom-testing (~> 1.0, >= 1.0.5)
      rails-html-sanitizer (~> 1.0, >= 1.0.2)
    activejob (4.2.5)
      activesupport (= 4.2.5)
      globalid (>= 0.3.0)
    activemerchant (1.48.0)
      activesupport (>= 3.2.14, < 5.0.0)
      builder (>= 2.1.2, < 4.0.0)
      i18n (>= 0.6.9)
      nokogiri (~> 1.4)
    activemodel (4.2.5)
      activesupport (= 4.2.5)
      builder (~> 3.1)
    activerecord (4.2.5)
      activemodel (= 4.2.5)
      activesupport (= 4.2.5)
      arel (~> 6.0)
    activesupport (4.2.5)
      i18n (~> 0.7)
      json (~> 1.7, >= 1.7.7)
      minitest (~> 5.1)
      thread_safe (~> 0.3, >= 0.3.4)
      tzinfo (~> 1.1)
    acts_as_list (0.7.2)
      activerecord (>= 3.0)
    addressable (2.4.0)
    arel (6.0.3)
    awesome_nested_set (3.0.2)
      activerecord (>= 4.0.0, < 5)
    bourbon (4.2.6)
      sass (~> 3.4)
      thor (~> 0.19)
    builder (3.2.2)
    byebug (2.7.0)
      columnize (~> 0.3)
      debugger-linecache (~> 1.2)
    camertron-eprun (1.1.0)
    cancancan (1.13.1)
    canonical-rails (0.0.11)
      rails (>= 3.1, < 5.0)
    capybara (2.5.0)
      mime-types (>= 1.16)
      nokogiri (>= 1.3.3)
      rack (>= 1.0.0)
      rack-test (>= 0.5.4)
      xpath (~> 2.0)
    capybara-screenshot (1.0.11)
      capybara (>= 1.0, < 3)
      launchy
    carmen (1.0.2)
      activesupport (>= 3.0.0)
    cldr-plurals-runtime-rb (1.0.1)
    climate_control (0.0.3)
      activesupport (>= 3.0)
    cliver (0.3.2)
    cocaine (0.5.8)
      climate_control (>= 0.0.3, < 1.0)
    coderay (1.1.0)
    coffee-rails (4.1.1)
      coffee-script (>= 2.2.0)
      railties (>= 4.0.0, < 5.1.x)
    coffee-script (2.4.1)
      coffee-script-source
      execjs
    coffee-script-source (1.10.0)
    columnize (0.9.0)
    concurrent-ruby (1.0.0)
    crack (0.4.3)
      safe_yaml (~> 1.0.0)
    css_parser (1.3.7)
      addressable
    database_cleaner (1.5.1)
    debugger-linecache (1.2.0)
    diff-lcs (1.2.5)
    docile (1.1.5)
    email_spec (1.6.0)
      launchy (~> 2.1)
      mail (~> 2.2)
    erubis (2.7.0)
    execjs (2.6.0)
    factory_girl (4.5.0)
      activesupport (>= 3.0.0)
    factory_girl_rails (4.5.0)
      factory_girl (~> 4.5.0)
      railties (>= 3.0.0)
    fast_sqlite (0.0.1)
      sqlite3
    ffaker (1.32.1)
    font-awesome-rails (4.5.0.0)
      railties (>= 3.2, < 5.0)
    friendly_id (5.1.0)
      activerecord (>= 4.0.0)
    globalid (0.3.6)
      activesupport (>= 4.1.0)
    handlebars_assets (0.22.0)
      execjs (~> 2.0)
      multi_json (~> 1.0)
      sprockets (>= 2.0.0, < 4.0)
      tilt (~> 1.2)
    highline (1.6.21)
    htmlentities (4.3.4)
    i18n (0.7.0)
    jquery-rails (4.0.5)
      rails-dom-testing (~> 1.0)
      railties (>= 4.2.0)
      thor (>= 0.14, < 2.0)
    jquery-ui-rails (5.0.5)
      railties (>= 3.2.16)
    json (1.8.3)
    kaminari (0.16.3)
      actionpack (>= 3.0.0)
      activesupport (>= 3.0.0)
    launchy (2.4.3)
      addressable (~> 2.3)
    loofah (2.0.3)
      nokogiri (>= 1.5.9)
    mail (2.6.3)
      mime-types (>= 1.16, < 3)
    method_source (0.8.2)
    mime-types (2.99)
    mini_portile2 (2.0.0)
    minitest (5.8.3)
    monetize (1.3.1)
      money (~> 6.6)
    money (6.6.1)
      i18n (>= 0.6.4, <= 0.7.0)
    multi_json (1.11.2)
    nokogiri (1.6.7.1)
      mini_portile2 (~> 2.0.0.rc2)
    paperclip (4.2.4)
      activemodel (>= 3.2.0)
      activesupport (>= 3.2.0)
      cocaine (~> 0.5.5)
      mime-types
    paranoia (2.1.4)
      activerecord (~> 4.0)
    pg (0.18.4)
    poltergeist (1.8.1)
      capybara (~> 2.1)
      cliver (~> 0.3.1)
      multi_json (~> 1.0)
      websocket-driver (>= 0.2.0)
    polyamorous (1.3.0)
      activerecord (>= 3.0)
    premailer (1.8.6)
      css_parser (>= 1.3.6)
      htmlentities (>= 4.0.0)
    premailer-rails (1.8.2)
      actionmailer (>= 3, < 5)
      premailer (~> 1.7, >= 1.7.9)
    pry (0.10.3)
      coderay (~> 1.1.0)
      method_source (~> 0.8.1)
      slop (~> 3.4)
    pry-byebug (1.3.3)
      byebug (~> 2.7)
      pry (~> 0.10)
    rabl (0.11.7)
      activesupport (>= 2.3.14)
    rack (1.6.4)
    rack-test (0.6.3)
      rack (>= 1.0)
    rails (4.2.5)
      actionmailer (= 4.2.5)
      actionpack (= 4.2.5)
      actionview (= 4.2.5)
      activejob (= 4.2.5)
      activemodel (= 4.2.5)
      activerecord (= 4.2.5)
      activesupport (= 4.2.5)
      bundler (>= 1.3.0, < 2.0)
      railties (= 4.2.5)
      sprockets-rails
    rails-deprecated_sanitizer (1.0.3)
      activesupport (>= 4.2.0.alpha)
    rails-dom-testing (1.0.7)
      activesupport (>= 4.2.0.beta, < 5.0)
      nokogiri (~> 1.6.0)
      rails-deprecated_sanitizer (>= 1.0.1)
    rails-html-sanitizer (1.0.2)
      loofah (~> 2.0)
    railties (4.2.5)
      actionpack (= 4.2.5)
      activesupport (= 4.2.5)
      rake (>= 0.8.7)
      thor (>= 0.18.1, < 2.0)
    rake (10.4.2)
    ransack (1.6.6)
      actionpack (>= 3.0)
      activerecord (>= 3.0)
      activesupport (>= 3.0)
      i18n
      polyamorous (~> 1.2)
    responders (2.1.1)
      railties (>= 4.2.0, < 5.1)
    rspec-activemodel-mocks (1.0.2)
      activemodel (>= 3.0)
      activesupport (>= 3.0)
      rspec-mocks (>= 2.99, < 4.0)
    rspec-collection_matchers (1.1.2)
      rspec-expectations (>= 2.99.0.beta1)
    rspec-core (3.3.2)
      rspec-support (~> 3.3.0)
    rspec-expectations (3.3.1)
      diff-lcs (>= 1.2.0, < 2.0)
      rspec-support (~> 3.3.0)
    rspec-its (1.2.0)
      rspec-core (>= 3.0.0)
      rspec-expectations (>= 3.0.0)
    rspec-mocks (3.3.2)
      diff-lcs (>= 1.2.0, < 2.0)
      rspec-support (~> 3.3.0)
    rspec-rails (3.3.3)
      actionpack (>= 3.0, < 4.3)
      activesupport (>= 3.0, < 4.3)
      railties (>= 3.0, < 4.3)
      rspec-core (~> 3.3.0)
      rspec-expectations (~> 3.3.0)
      rspec-mocks (~> 3.3.0)
      rspec-support (~> 3.3.0)
    rspec-support (3.3.0)
    rspec_junit_formatter (0.2.3)
      builder (< 4)
      rspec-core (>= 2, < 4, != 2.12.0)
    safe_yaml (1.0.4)
    sass (3.4.20)
    sass-rails (5.0.4)
      railties (>= 4.0.0, < 5.0)
      sass (~> 3.1)
      sprockets (>= 2.8, < 4.0)
      sprockets-rails (>= 2.0, < 4.0)
      tilt (>= 1.1, < 3)
    select2-rails (3.5.9.1)
      thor (~> 0.14)
    simplecov (0.11.1)
      docile (~> 1.1.0)
      json (~> 1.8)
      simplecov-html (~> 0.10.0)
    simplecov-html (0.10.0)
    slop (3.6.0)
    sprockets (3.5.2)
      concurrent-ruby (~> 1.0)
      rack (> 1, < 3)
    sprockets-rails (2.3.3)
      actionpack (>= 3.0)
      activesupport (>= 3.0)
      sprockets (>= 2.8, < 4.0)
    sqlite3 (1.3.11)
    state_machines (0.4.0)
    state_machines-activemodel (0.3.0)
      activemodel (~> 4.1)
      state_machines (>= 0.4.0)
    state_machines-activerecord (0.3.0)
      activerecord (~> 4.1)
      state_machines-activemodel (>= 0.3.0)
    stringex (1.5.1)
    thor (0.19.1)
    thread_safe (0.3.5)
    tilt (1.4.1)
    timecop (0.8.0)
    truncate_html (0.9.2)
    twitter_cldr (3.2.1)
      camertron-eprun
      cldr-plurals-runtime-rb (~> 1.0.0)
      json
      tzinfo
    tzinfo (1.2.2)
      thread_safe (~> 0.1)
    versioncake (2.3.1)
      actionpack (>= 3.2)
      activesupport (>= 3.2)
      railties (>= 3.2)
      tzinfo
    webmock (1.8.11)
      addressable (>= 2.2.7)
      crack (>= 0.1.7)
    websocket-driver (0.6.3)
      websocket-extensions (>= 0.1.0)
    websocket-extensions (0.1.2)
    with_model (1.2.1)
      activerecord (>= 3.0)
    xpath (2.0.0)
      nokogiri (~> 1.3)

PLATFORMS
  ruby

DEPENDENCIES
  activerecord-jdbcsqlite3-adapter
  capybara (~> 2.4)
  capybara-screenshot
  coffee-rails
  database_cleaner (~> 1.3)
  email_spec
  factory_girl_rails (~> 4.5.0)
  fast_sqlite
  jruby-openssl
  launchy
  pg
  poltergeist
  pry-byebug (~> 1.0)
  rspec-activemodel-mocks (~> 1.0.2)
  rspec-collection_matchers
  rspec-its
  rspec-rails (~> 3.3.0)
  rspec_junit_formatter
  sass-rails
  simplecov
  solidus!
  sqlite3
  timecop
  webmock (= 1.8.11)
  with_model

BUNDLED WITH
   1.11.2
